GEM
  remote: http://rubygems.org/
  specs:
    redis (3.0.1)

PLATFORMS
  ruby

DEPENDENCIES
  redis

